GEM
  remote: https://rubygems.org/
  specs:
    exifr (1.2.5)
    slop (4.4.1)

PLATFORMS
  x64-mingw32

DEPENDENCIES
  exifr
  slop

BUNDLED WITH
   1.13.6
