GEM
  remote: https://rubygems.org/
  specs:
    exif (1.0.1)
    slop (4.4.1)

PLATFORMS
  ruby

DEPENDENCIES
  exif
  slop

BUNDLED WITH
   1.11.2
